PATH
  remote: .
  specs:
    pdftoimage (0.1.7)
      iconv (~> 1.0)

GEM
  remote: https://gems.ruby-china.com/
  specs:
    ast (2.4.1)
    autotest (5.0.0)
      minitest-autotest (~> 1.0)
    diff-lcs (1.4.4)
    iconv (1.0.8)
    minitest (5.14.2)
    minitest-autotest (1.1.1)
      minitest-server (~> 1.0)
      path_expander (~> 1.0)
    minitest-server (1.0.6)
      minitest (~> 5.0)
    parallel (1.19.2)
    parser (2.7.1.4)
      ast (~> 2.4.1)
    path_expander (1.1.0)
    rainbow (3.0.0)
    rake (0.8.7)
    rdoc (6.2.1)
    regexp_parser (1.7.1)
    rexml (3.2.4)
    rspec (3.9.0)
      rspec-core (~> 3.9.0)
      rspec-expectations (~> 3.9.0)
      rspec-mocks (~> 3.9.0)
    rspec-core (3.9.2)
      rspec-support (~> 3.9.3)
    rspec-expectations (3.9.2)
      diff-lcs (>= 1.2.0, < 2.0)
      rspec-support (~> 3.9.0)
    rspec-mocks (3.9.1)
      diff-lcs (>= 1.2.0, < 2.0)
      rspec-support (~> 3.9.0)
    rspec-support (3.9.3)
    rubocop (0.91.0)
      parallel (~> 1.10)
      parser (>= 2.7.1.1)
      rainbow (>= 2.2.2, < 4.0)
      regexp_parser (>= 1.7)
      rexml
      rubocop-ast (>= 0.4.0, < 1.0)
      ruby-progressbar (~> 1.7)
      unicode-display_width (>= 1.4.0, < 2.0)
    rubocop-ast (0.4.1)
      parser (>= 2.7.1.4)
    ruby-progressbar (1.10.1)
    spork (0.9.2)
    unicode-display_width (1.7.0)
    yard (0.9.25)

PLATFORMS
  ruby

DEPENDENCIES
  autotest
  pdftoimage!
  rake (~> 0.8.7)
  rdoc
  rspec (>= 2.1.0)
  rubocop
  spork
  yard

BUNDLED WITH
   2.1.4
